GEM
  specs:
    addressable (2.2.7)
    backports (2.5.1)
    dm-core (1.2.0)
      addressable (~> 2.2.6)
    eventmachine (0.12.10)
    github-markup (0.7.2)
    rack (1.4.1)
    rack-protection (1.2.0)
      rack
    rack-test (0.6.1)
      rack (>= 1.0)
    sinatra (1.3.2)
      rack (~> 1.3, >= 1.3.6)
      rack-protection (~> 1.2)
      tilt (~> 1.3, >= 1.3.3)
    sinatra-contrib (1.3.1)
      backports (>= 2.0)
      eventmachine
      rack-protection
      rack-test
      sinatra (~> 1.3.0)
      tilt (~> 1.3)
    sqlite3 (1.3.6)
    tilt (1.3.3)

PLATFORMS
  ruby

DEPENDENCIES
  dm-core
  github-markup
  sinatra
  sinatra-contrib
  sqlite3
